GEM
  remote: https://rubygems.org/
  specs:
    breakpoint (2.0.7)
      compass (>= 0.12.1)
      sass (>= 3.2.0)
    chunky_png (1.2.9)
    color-schemer (0.2.8)
      compass-blend-modes (~> 0.0.2)
    compass (0.12.3)
      chunky_png (~> 1.2)
      fssm (>= 0.2.7)
      sass (= 3.2.14)
    compass-blend-modes (0.0.2)
      compass
    compass-normalize (1.4.3)
      compass (>= 0.12.0)
    fssm (0.2.10)
    sass (3.2.14)
    sassy-strings (1.0.0)
      compass (>= 0.12.2)
    singularitygs (1.1.2)
      breakpoint (>= 2.0.1)
      compass (>= 0.12.2)
      sass (>= 3.2.1)
    susy (1.0.9)
      compass (>= 0.12.2)
      sass (>= 3.2.0)
    toolkit (1.3.8)
      breakpoint (>= 2.0.6)
      color-schemer (>= 0.2.7)
      compass (>= 0.12.2)
      sassy-strings (>= 1.0.0)
      singularitygs (>= 1.1.2)

PLATFORMS
  ruby

DEPENDENCIES
  breakpoint (~> 2.0.7)
  chunky_png (~> 1.2.9)
  compass (~> 0.12.3)
  compass-normalize (~> 1.4.3)
  sass (~> 3.2.14)
  susy (~> 1.0.9)
  toolkit (~> 1.3.8)
